GEM
  remote: https://rubygems.org/
  specs:
    dotenv (2.1.0)
    httparty (0.14.0)
      multi_xml (>= 0.5.2)
    multi_xml (0.6.0)
    nenv (0.3.0)

PLATFORMS
  ruby

DEPENDENCIES
  dotenv (~> 2.1)
  httparty (~> 0.14)
  nenv (~> 0.3)

BUNDLED WITH
   1.14.3
